GEM
  specs:
    excon (0.33.0)
    json (1.8.1)
    multi_json (1.10.1)
    neography (1.5.2)
      excon (~> 0.33.0)
      json (>= 1.7.7)
      multi_json (>= 1.3.2)
      os (>= 0.9.6)
      rake (>= 0.8.7)
      rubyzip (>= 1.0.0)
    os (0.9.6)
    rake (10.3.2)
    rubyzip (1.1.6)

PLATFORMS
  ruby

DEPENDENCIES
  neography
